GIT
  remote: https://github.com/CanCanCommunity/cancancan.git
  revision: 921bb333470006b9eae860aba25c86e0ffc405ad
  tag: v1.13.1
  specs:
    cancancan (1.13.1)

GIT
  remote: https://github.com/NoamB/sorcery.git
  revision: 6f88171d4b69483ae54965f2f3daf94a2b8c2cce
  tag: v0.9.1
  specs:
    sorcery (0.9.1)
      bcrypt (~> 3.1)
      oauth (~> 0.4, >= 0.4.4)
      oauth2 (>= 0.8.0)

GIT
  remote: https://github.com/Tretti/rails-bootstrap-helpers.git
  revision: 98bc0458f864be3f21f1a53f1a265b15f9e0e883
  specs:
    rails-bootstrap-helpers (0.1.0)
      rails (>= 3.2.11)

GIT
  remote: https://github.com/ankane/chartkick.git
  revision: 65fcbf2c79f02eaa406e34e80f3e5a4d9627851b
  tag: v2.2.5
  specs:
    chartkick (2.2.5)

GIT
  remote: https://github.com/ankane/groupdate.git
  revision: aeeb321022884c86fe4d4c7cc04c232c117e52e5
  tag: v2.5.3
  specs:
    groupdate (2.5.3)
      activesupport (>= 3)

GIT
  remote: https://github.com/bokmann/font-awesome-rails.git
  revision: 928dad6aa4b0316f45618c4f8fe9aa532c4d9b80
  tag: v4.6.1.0
  specs:
    font-awesome-rails (4.6.1.0)
      railties (>= 3.2, < 5.1)

GIT
  remote: https://github.com/bootstrap-ruby/will_paginate-bootstrap.git
  revision: 2b27ff3a03e8ebee839112e4c0222de574ac2f95
  tag: v1.0.1
  specs:
    will_paginate-bootstrap (1.0.1)
      will_paginate (>= 3.0.3)

GIT
  remote: https://github.com/hendricius/nested_form.git
  revision: ca85dfbb040391fc3eb4f48cb91c4af70a904733
  specs:
    nested_form (0.3.2)

GIT
  remote: https://github.com/pdfkit/pdfkit.git
  revision: 40e4b629d03215e5bb463f2d4465dd0bbf13775a
  specs:
    pdfkit (0.8.4.1)

GIT
  remote: https://github.com/rails-api/active_model_serializers.git
  revision: e2ded594d31fa97201c3e2fa1106708d68d86751
  branch: e2ded594d31fa97201c3e2fa1106708d68d86751
  specs:
    active_model_serializers (0.10.0.rc5)
      actionpack (>= 4.0)
      activemodel (>= 4.0)
      railties (>= 4.0)

GIT
  remote: https://github.com/rails/protected_attributes.git
  revision: a1e6dfd39cc106939a2f96ec98cfff4950eb3e7e
  specs:
    protected_attributes (1.1.4)
      activemodel (>= 4.0.1, < 5.0)

GIT
  remote: https://github.com/zpaulovics/datetimepicker-rails.git
  revision: 7ed798be8a611efcca5b828f296b3b66144c0f43
  tag: v4.7.16
  submodules: true
  specs:
    datetimepicker-rails (4.7.16)
      momentjs-rails (>= 2.9.0)

GEM
  remote: https://rubygems.org/
  specs:
    actionmailer (4.2.11.1)
      actionpack (= 4.2.11.1)
      actionview (= 4.2.11.1)
      activejob (= 4.2.11.1)
      mail (~> 2.5, >= 2.5.4)
      rails-dom-testing (~> 1.0, >= 1.0.5)
    actionpack (4.2.11.1)
      actionview (= 4.2.11.1)
      activesupport (= 4.2.11.1)
      rack (~> 1.6)
      rack-test (~> 0.6.2)
      rails-dom-testing (~> 1.0, >= 1.0.5)
      rails-html-sanitizer (~> 1.0, >= 1.0.2)
    actionview (4.2.11.1)
      activesupport (= 4.2.11.1)
      builder (~> 3.1)
      erubis (~> 2.7.0)
      rails-dom-testing (~> 1.0, >= 1.0.5)
      rails-html-sanitizer (~> 1.0, >= 1.0.3)
    activejob (4.2.11.1)
      activesupport (= 4.2.11.1)
      globalid (>= 0.3.0)
    activemodel (4.2.11.1)
      activesupport (= 4.2.11.1)
      builder (~> 3.1)
    activerecord (4.2.11.1)
      activemodel (= 4.2.11.1)
      activesupport (= 4.2.11.1)
      arel (~> 6.0)
    activesupport (4.2.11.1)
      i18n (~> 0.7)
      minitest (~> 5.1)
      thread_safe (~> 0.3, >= 0.3.4)
      tzinfo (~> 1.1)
    addressable (2.4.0)
    airbrake (6.2.1)
      airbrake-ruby (~> 2.3, >= 2.3.1)
    airbrake-ruby (2.3.2)
    angularjs-rails (1.5.0)
    angularjs-rails-resource (1.1.1)
    arel (6.0.4)
    autoprefixer-rails (6.3.6)
      execjs
    axiom-types (0.1.1)
      descendants_tracker (~> 0.0.4)
      ice_nine (~> 0.11.0)
      thread_safe (~> 0.3, >= 0.3.1)
    bcrypt (3.1.11)
    better_errors (2.1.1)
      coderay (>= 1.0.0)
      erubis (>= 2.6.6)
      rack (>= 0.9.0)
    binding_of_caller (0.8.0)
      debug_inspector (>= 0.0.1)
    bootstrap-sass (3.3.6)
      autoprefixer-rails (>= 5.2.1)
      sass (>= 3.3.4)
    bourbon (4.2.6)
      sass (~> 3.4)
      thor (~> 0.19)
    builder (3.2.3)
    chronic (0.10.2)
    coderay (1.1.1)
    coercible (1.0.0)
      descendants_tracker (~> 0.0.1)
    concurrent-ruby (1.1.5)
    contact_us (1.0.1)
      rails (>= 4.2.0)
    crass (1.0.6)
    debug_inspector (0.0.3)
    descendants_tracker (0.0.4)
      thread_safe (~> 0.3, >= 0.3.1)
    diff-lcs (1.3)
    docile (1.1.5)
    dotenv (2.4.0)
    dotiw (3.1.1)
      actionpack (>= 3)
      i18n
    draper (2.1.0)
      actionpack (>= 3.0)
      activemodel (>= 3.0)
      activesupport (>= 3.0)
      request_store (~> 1.0)
    equalizer (0.0.11)
    erubis (2.7.0)
    execjs (2.6.0)
    faraday (0.9.2)
      multipart-post (>= 1.2, < 3)
    foreman (0.78.0)
      thor (~> 0.19.1)
    globalid (0.4.2)
      activesupport (>= 4.2.0)
    gon (6.0.1)
      actionpack (>= 3.0)
      json
      multi_json
      request_store (>= 1.0)
    i18n (0.7.0)
    ice_nine (0.11.2)
    jbuilder (2.4.1)
      activesupport (>= 3.0.0, < 5.1)
      multi_json (~> 1.2)
    jquery-rails (4.1.1)
      rails-dom-testing (>= 1, < 3)
      railties (>= 4.2.0)
      thor (>= 0.14, < 2.0)
    json (2.1.0)
    jwt (1.5.1)
    loofah (2.18.0)
      crass (~> 1.0.2)
      nokogiri (>= 1.5.9)
    mail (2.7.1)
      mini_mime (>= 0.1.1)
    method_source (0.8.2)
    mini_mime (1.0.1)
    mini_portile2 (2.6.1)
    minitest (5.11.3)
    momentjs-rails (2.11.1)
      railties (>= 3.1)
    monetize (1.4.0)
      money (~> 6.7)
    money (6.7.0)
      i18n (>= 0.6.4, <= 0.7.0)
      sixarm_ruby_unaccent (>= 1.1.1, < 2)
    money-rails (1.6.0)
      activesupport (>= 3.0)
      monetize (~> 1.4.0)
      money (~> 6.7)
      railties (>= 3.0)
    multi_json (1.11.2)
    multi_xml (0.5.5)
    multipart-post (2.0.0)
    ng-rails-csrf (0.1.0)
    nokogiri (1.12.5)
      mini_portile2 (~> 2.6.1)
      racc (~> 1.4)
    oauth (0.5.1)
    oauth2 (1.1.0)
      faraday (>= 0.8, < 0.10)
      jwt (~> 1.0, < 1.5.2)
      multi_json (~> 1.3)
      multi_xml (~> 0.5)
      rack (>= 1.2, < 3)
    octokit (4.3.0)
      sawyer (~> 0.7.0, >= 0.5.3)
    pdf-core (0.6.1)
    permanent_records (3.1.6)
      activerecord (>= 3.0.0)
    pg (0.18.4)
    prawn (2.1.0)
      pdf-core (~> 0.6.1)
      ttfunk (~> 1.4.0)
    pry (0.10.3)
      coderay (~> 1.1.0)
      method_source (~> 0.8.1)
      slop (~> 3.4)
    pry-rails (0.3.4)
      pry (>= 0.9.10)
    puma (3.11.4)
    quiet_assets (1.1.0)
      railties (>= 3.1, < 5.0)
    racc (1.6.0)
    rack (1.6.12)
    rack-force_domain (0.3.0)
    rack-test (0.6.3)
      rack (>= 1.0)
    rails (4.2.11.1)
      actionmailer (= 4.2.11.1)
      actionpack (= 4.2.11.1)
      actionview (= 4.2.11.1)
      activejob (= 4.2.11.1)
      activemodel (= 4.2.11.1)
      activerecord (= 4.2.11.1)
      activesupport (= 4.2.11.1)
      bundler (>= 1.3.0, < 2.0)
      railties (= 4.2.11.1)
      sprockets-rails
    rails-deprecated_sanitizer (1.0.3)
      activesupport (>= 4.2.0.alpha)
    rails-dom-testing (1.0.9)
      activesupport (>= 4.2.0, < 5.0)
      nokogiri (~> 1.6)
      rails-deprecated_sanitizer (>= 1.0.1)
    rails-html-sanitizer (1.4.3)
      loofah (~> 2.3)
    rails_12factor (0.0.3)
      rails_serve_static_assets
      rails_stdout_logging
    rails_serve_static_assets (0.0.5)
    rails_stdout_logging (0.0.5)
    railties (4.2.11.1)
      actionpack (= 4.2.11.1)
      activesupport (= 4.2.11.1)
      rake (>= 0.8.7)
      thor (>= 0.18.1, < 2.0)
    rake (12.3.2)
    redcarpet (3.3.4)
    redis (4.0.1)
    redis-actionpack (5.0.2)
      actionpack (>= 4.0, < 6)
      redis-rack (>= 1, < 3)
      redis-store (>= 1.1.0, < 2)
    redis-activesupport (5.0.4)
      activesupport (>= 3, < 6)
      redis-store (>= 1.3, < 2)
    redis-rack (2.0.4)
      rack (>= 1.5, < 3)
      redis-store (>= 1.2, < 2)
    redis-rails (5.0.2)
      redis-actionpack (>= 5.0, < 6)
      redis-activesupport (>= 5.0, < 6)
      redis-store (>= 1.2, < 2)
    redis-store (1.5.0)
      redis (>= 2.2, < 5)
    request_store (1.3.1)
    responders (2.1.0)
      railties (>= 4.2.0, < 5)
    rspec-core (3.6.0)
      rspec-support (~> 3.6.0)
    rspec-expectations (3.6.0)
      diff-lcs (>= 1.2.0, < 2.0)
      rspec-support (~> 3.6.0)
    rspec-mocks (3.6.0)
      diff-lcs (>= 1.2.0, < 2.0)
      rspec-support (~> 3.6.0)
    rspec-rails (3.6.1)
      actionpack (>= 3.0)
      activesupport (>= 3.0)
      railties (>= 3.0)
      rspec-core (~> 3.6.0)
      rspec-expectations (~> 3.6.0)
      rspec-mocks (~> 3.6.0)
      rspec-support (~> 3.6.0)
    rspec-support (3.6.0)
    sass (3.4.22)
    sass-rails (5.0.4)
      railties (>= 4.0.0, < 5.0)
      sass (~> 3.1)
      sprockets (>= 2.8, < 4.0)
      sprockets-rails (>= 2.0, < 4.0)
      tilt (>= 1.1, < 3)
    sawyer (0.7.0)
      addressable (>= 2.3.5, < 2.5)
      faraday (~> 0.8, < 0.10)
    simple_form (3.5.1)
      actionpack (> 4, < 5.2)
      activemodel (> 4, < 5.2)
    simplecov (0.15.0)
      docile (~> 1.1.0)
      json (>= 1.8, < 3)
      simplecov-html (~> 0.10.0)
    simplecov-html (0.10.2)
    sixarm_ruby_unaccent (1.1.1)
    slim (3.0.6)
      temple (~> 0.7.3)
      tilt (>= 1.3.3, < 2.1)
    slim-rails (3.0.1)
      actionmailer (>= 3.1, < 5.0)
      actionpack (>= 3.1, < 5.0)
      activesupport (>= 3.1, < 5.0)
      railties (>= 3.1, < 5.0)
      slim (~> 3.0)
    slop (3.6.0)
    sprockets (3.7.2)
      concurrent-ruby (~> 1.0)
      rack (> 1, < 3)
    sprockets-rails (3.2.1)
      actionpack (>= 4.0)
      activesupport (>= 4.0)
      sprockets (>= 3.0.0)
    sqlite3 (1.3.11)
    starburst (1.0.3)
      rails (>= 3.0)
    temple (0.7.6)
    thor (0.19.4)
    thread_safe (0.3.6)
    tilt (2.0.2)
    ttfunk (1.4.0)
    tzinfo (1.2.5)
      thread_safe (~> 0.1)
    uglifier (3.0.0)
      execjs (>= 0.3.0, < 3)
    validates_email_format_of (1.6.3)
      i18n
    virtus (1.0.5)
      axiom-types (~> 0.1)
      coercible (~> 1.0)
      descendants_tracker (~> 0.0, >= 0.0.3)
      equalizer (~> 0.0, >= 0.0.9)
    whenever (0.9.4)
      chronic (>= 0.6.3)
    will_paginate (3.1.0)
    wkhtmltopdf-binary (0.9.9.3)

PLATFORMS
  ruby

DEPENDENCIES
  active_model_serializers!
  airbrake (~> 6.2)
  angularjs-rails
  angularjs-rails-resource (~> 1.1.1)
  better_errors
  binding_of_caller
  bootstrap-sass (~> 3.3.1)
  bourbon
  bundler
  cancancan!
  chartkick!
  contact_us (~> 1.0.1)
  datetimepicker-rails!
  dotenv
  dotiw
  draper (~> 2.1.0)
  font-awesome-rails!
  foreman
  gon
  groupdate!
  jbuilder
  jquery-rails
  momentjs-rails
  money-rails
  nested_form!
  ng-rails-csrf
  octokit
  pdfkit!
  permanent_records (~> 3.1.3)
  pg
  prawn
  protected_attributes!
  pry-rails
  puma
  quiet_assets
  rack-force_domain
  rails (~> 4.2.0)
  rails-bootstrap-helpers!
  rails_12factor
  redcarpet
  redis-rails (~> 5.0.2)
  redis-store (>= 1.4.0)
  responders
  rspec-rails (~> 3.6)
  sass-rails (>= 3.2)
  simple_form (< 4.0)
  simplecov
  slim
  slim-rails
  sorcery!
  sqlite3
  starburst
  uglifier
  validates_email_format_of
  virtus
  whenever
  will_paginate-bootstrap!
  wkhtmltopdf-binary (~> 0.9.9.3)

RUBY VERSION
   ruby 2.5.5p157

BUNDLED WITH
   1.17.3
